GEM
  remote: https://rubygems.org/
  specs:
    byebug (11.0.1)
    domain_name (0.5.20180417)
      unf (>= 0.0.5, < 1.0.0)
    http-cookie (1.0.3)
      domain_name (~> 0.5)
    mime-types (3.2.2)
      mime-types-data (~> 3.2015)
    mime-types-data (3.2019.0331)
    netrc (0.11.0)
    rest-client (2.0.2)
      http-cookie (>= 1.0.2, < 2.0)
      mime-types (>= 1.16, < 4.0)
      netrc (~> 0.8)
    thread (0.2.2)
    unf (0.1.4)
      unf_ext
    unf_ext (0.0.7.6)
    url (0.3.2)

PLATFORMS
  ruby

DEPENDENCIES
  byebug
  rest-client
  thread
  url

RUBY VERSION
   ruby 2.5.3p105

BUNDLED WITH
   1.17.1
